PATH
  remote: .
  specs:
    nesta (0.9.5)
      RedCloth (~> 4.2)
      haml (~> 3.1)
      maruku (>= 0.6.0)
      sass (~> 3.1)
      shotgun (>= 0.8)
      sinatra (= 1.1.2)

GEM
  remote: http://rubygems.org/
  specs:
    RedCloth (4.2.7)
    elementor (0.0.8)
      nokogiri
    haml (3.1.1)
    maruku (0.6.0)
      syntax (>= 1.0.0)
    minitest (2.1.0)
    nokogiri (1.4.4)
    rack (1.2.1)
    rack-test (0.6.0)
      rack (>= 1.0)
    sass (3.1.1)
    shotgun (0.9)
      rack (>= 1.0)
    sinatra (1.1.2)
      rack (~> 1.1)
      tilt (~> 1.2)
    syntax (1.0.0)
    tilt (1.3)

PLATFORMS
  ruby

DEPENDENCIES
  elementor (= 0.0.8)
  minitest (= 2.1.0)
  nesta!
  rack-test (= 0.6.0)
